GEM
  remote: http://rubygems.org/
  specs:
    builder (3.0.0)
    dbagile (0.0.2)
      builder
      fastercsv
      highline (>= 1.5.2)
      json
      rack
      sbyc (>= 0.1.4)
      sequel (>= 0.3.8)
    fastercsv (1.5.4)
    highline (1.6.8)
    json (1.1.9)
    pg (0.8.0)
    rack (1.2.4)
    rdoc (2.4.3)
    sbyc (0.1.4)
    sequel (3.8.0)
    waw (0.3.0)
    wlang (0.9.2)

PLATFORMS
  ruby

DEPENDENCIES
  dbagile (~> 0.0.1)
  fastercsv (~> 1.5.1)
  json (~> 1.1.9)
  pg (~> 0.8.0)
  rack (~> 1.2.1)
  rdoc (~> 2.4.1)
  sequel (~> 3.8.0)
  waw (~> 0.3.0)
  wlang (~> 0.9.0)
